GEM
  remote: https://rubygems.org/
  specs:
    aws-partitions (1.87.0)
    aws-sdk-core (3.20.2)
      aws-partitions (~> 1.0)
      aws-sigv4 (~> 1.0)
      jmespath (~> 1.0)
    aws-sdk-kms (1.5.0)
      aws-sdk-core (~> 3)
      aws-sigv4 (~> 1.0)
    aws-sdk-s3 (1.10.0)
      aws-sdk-core (~> 3)
      aws-sdk-kms (~> 1)
      aws-sigv4 (~> 1.0)
    aws-sigv4 (1.0.2)
    csv (1.0.2)
    jmespath (1.4.0)

PLATFORMS
  ruby
  x64-mingw32

DEPENDENCIES
  aws-sdk-core
  aws-sdk-s3
  csv

RUBY VERSION
   ruby 2.5.0p0

BUNDLED WITH
   1.16.2
