GEM
  remote: https://rubygems.org/
  specs:
    aws-partitions (1.87.0)
    aws-sdk-core (3.20.2)
      aws-partitions (~> 1.0)
      aws-sigv4 (~> 1.0)
      jmespath (~> 1.0)
    aws-sdk-kms (1.5.0)
      aws-sdk-core (~> 3)
      aws-sigv4 (~> 1.0)
    aws-sdk-s3 (1.10.0)
      aws-sdk-core (~> 3)
      aws-sdk-kms (~> 1)
      aws-sigv4 (~> 1.0)
    aws-sigv4 (1.0.2)
    bcrypt (3.1.12)
    bcrypt (3.1.12-x64-mingw32)
    csv (1.0.2)
    jmespath (1.4.0)
    mustermann (1.0.2)
    pg (1.0.0)
    pg (1.0.0-x64-mingw32)
    rack (2.0.5)
    rack-protection (2.0.1)
      rack
    sinatra (2.0.1)
      mustermann (~> 1.0)
      rack (~> 2.0)
      rack-protection (= 2.0.1)
      tilt (~> 2.0)
    tilt (2.0.8)

PLATFORMS
  ruby
  x64-mingw32

DEPENDENCIES
  aws-sdk-core
  aws-sdk-s3
  bcrypt
  csv
  pg
  sinatra

RUBY VERSION
   ruby 2.5.0p0

BUNDLED WITH
   1.16.2
